GEM
  remote: https://rubygems.org/
  specs:
    addressable (2.5.0)
      public_suffix (~> 2.0, >= 2.0.2)
    coderay (1.1.0)
    dotenv (2.0.2)
    faraday (0.11.0)
      multipart-post (>= 1.2, < 3)
    marky_markov (0.3.5)
      msgpack
    method_source (0.8.2)
    msgpack (1.0.3)
    multipart-post (2.0.0)
    octokit (4.6.2)
      sawyer (~> 0.8.0, >= 0.5.3)
    pry (0.10.3)
      coderay (~> 1.1.0)
      method_source (~> 0.8.1)
      slop (~> 3.4)
    public_suffix (2.0.5)
    rb-readline (0.5.3)
    sawyer (0.8.1)
      addressable (>= 2.3.5, < 2.6)
      faraday (~> 0.8, < 1.0)
    slop (3.6.0)

PLATFORMS
  ruby

DEPENDENCIES
  dotenv
  marky_markov
  octokit
  pry
  rb-readline

BUNDLED WITH
   1.11.2
